PATH
  remote: .
  specs:
    orchestra (0.0.1)
      httparty
      httpx
      thor
      zeitwerk

GEM
  remote: https://rubygems.org/
  specs:
    debug (1.8.0)
      irb (>= 1.5.0)
      reline (>= 0.3.1)
    http-2-next (1.0.1)
    httparty (0.21.0)
      mini_mime (>= 1.0.0)
      multi_xml (>= 0.5.2)
    httpx (1.1.5)
      http-2-next (>= 1.0.1)
    io-console (0.6.0)
    irb (1.10.1)
      rdoc
      reline (>= 0.3.8)
    mini_mime (1.1.5)
    multi_xml (0.6.0)
    psych (5.1.1.1)
      stringio
    rdoc (6.6.1)
      psych (>= 4.0.0)
    reline (0.4.1)
      io-console (~> 0.5)
    stringio (3.1.0)
    thor (1.3.0)
    zeitwerk (2.6.12)

PLATFORMS
  aarch64-linux
  arm64-darwin-22
  x86_64-darwin
  x86_64-linux

DEPENDENCIES
  debug
  orchestra!

BUNDLED WITH
   2.4.22
